GEM
  remote: https://rubygems.org/
  specs:
    wiringpi2 (2.0.1)

PLATFORMS
  armv7l-linux-eabihf

DEPENDENCIES
  wiringpi2

BUNDLED WITH
   2.2.14
