GEM
  remote: https://rubygems.org/
  specs:
    byebug (11.1.3)
    coderay (1.1.3)
    dotenv (2.7.6)
    epoll (0.3.0)
    method_source (1.0.0)
    pry (0.13.1)
      coderay (~> 1.1)
      method_source (~> 1.0)
    pry-byebug (3.9.0)
      byebug (~> 11.0)
      pry (~> 0.13.0)
    rake (13.0.3)
    rake-compiler (1.1.1)
      rake
    rpi_gpio (0.5.0)
      epoll (~> 0.3)

PLATFORMS
  armv7l-linux-eabihf
  x86_64-darwin-19

DEPENDENCIES
  dotenv
  pry-byebug
  rake
  rake-compiler
  rpi_gpio

BUNDLED WITH
   2.2.3
